GEM
  remote: https://rubygems.org/
  specs:
    coderay (1.1.0)
    evernote-thrift (1.25.1)
    evernote_oauth (0.2.3)
      evernote-thrift
      oauth (>= 0.4.1)
    method_source (0.8.2)
    oauth (0.4.7)
    pry (0.9.12.6)
      coderay (~> 1.0)
      method_source (~> 0.8)
      slop (~> 3.4)
    rack (1.5.2)
    rack-protection (1.5.3)
      rack
    sinatra (1.4.6)
      rack (~> 1.4)
      rack-protection (~> 1.4)
      tilt (>= 1.3, < 3)
    slop (3.5.0)
    tilt (2.0.2)

PLATFORMS
  ruby

DEPENDENCIES
  evernote_oauth
  oauth
  pry
  sinatra

BUNDLED WITH
   1.11.2
